GEM
  remote: http://rubygems.org/
  specs:
    builder (3.1.4)
    facter (1.6.17)
    hiera (1.1.2)
      json_pure
    hiera-puppet (1.0.0)
      hiera (~> 1.0)
    json_pure (1.7.7)
    metaclass (0.0.1)
    mocha (0.13.2)
      metaclass (~> 0.0.1)
    puppet (3.1.0)
      facter (~> 1.6)
      hiera (~> 1.0)
    rake (10.0.3)

PLATFORMS
  ruby

DEPENDENCIES
  builder
  hiera
  hiera-puppet
  mocha
  puppet (>= 2.7)
  rake
